GIT
  remote: git://github.com/MrJoy/octodemo.git
  revision: 9e4d22a9496e04b52238171fd954126ece0b7257
  specs:
    octodemo (0.0.1)
      activesupport (~> 3.2.13)
      rake (~> 10.0.4)

GIT
  remote: git://github.com/MrJoy/octoplugin.git
  revision: e694f61680ec8601a4741b3075c9f20923479348
  specs:
    octoplugin (0.0.1)
      octodemo (~> 0.0.1)

GEM
  remote: https://rubygems.org/
  specs:
    activesupport (3.2.13)
      i18n (= 0.6.1)
      multi_json (~> 1.0)
    i18n (0.6.1)
    multi_json (1.7.4)
    rake (10.0.4)

PLATFORMS
  ruby

DEPENDENCIES
  octodemo!
  octoplugin!
